GEM
  remote: https://rubygems.org/
  specs:
    dotenv (2.0.1)
    dropbox-sdk (1.6.5)
      json
    json (1.8.3)

PLATFORMS
  ruby

DEPENDENCIES
  dotenv
  dropbox-sdk

BUNDLED WITH
   1.10.6
